PATH
  remote: ..
  specs:
    opal-phaser (0.1.2)
      opal (~> 0.6.0)

GEM
  remote: https://rubygems.org/
  specs:
    hike (1.2.3)
    json (1.8.2)
    multi_json (1.11.0)
    opal (0.6.3)
      source_map
      sprockets
    rack (1.6.0)
    rack-protection (1.5.3)
      rack
    sinatra (1.4.5)
      rack (~> 1.4)
      rack-protection (~> 1.4)
      tilt (~> 1.3, >= 1.3.4)
    source_map (3.0.1)
      json
    sprockets (2.12.3)
      hike (~> 1.2)
      multi_json (~> 1.0)
      rack (~> 1.0)
      tilt (~> 1.1, != 1.3.0)
    tilt (1.4.1)

PLATFORMS
  ruby

DEPENDENCIES
  opal-phaser!
  sinatra
